GEM
  remote: https://rubygems.org/
  specs:
    bson (4.1.1)
    mongo (2.2.5)
      bson (~> 4.0)
    pg (0.18.4)

PLATFORMS
  ruby

DEPENDENCIES
  mongo
  pg
